GEM
  remote: https://rubygems.org/
  specs:
    dotenv (2.7.5)
    ed25519 (1.2.4)

PLATFORMS
  ruby

DEPENDENCIES
  dotenv (~> 2.7)
  ed25519 (~> 1.2)

BUNDLED WITH
   2.0.2
