GEM
  remote: https://rubygems.org/
  specs:
    dotenv (2.7.5)
    ed25519 (1.2.4)
    httparty (0.21.0)
      mini_mime (>= 1.0.0)
      multi_xml (>= 0.5.2)
    json-canonicalization (0.2.0)
    mini_mime (1.1.2)
    multi_xml (0.6.0)

PLATFORMS
  ruby

DEPENDENCIES
  dotenv (~> 2.7)
  ed25519 (~> 1.2)
  httparty (~> 0.21.0)
  json-canonicalization (~> 0.2.0)

BUNDLED WITH
   2.0.2
