GEM
  remote: https://rubygems.org/
  specs:
    dotenv (2.7.5)
    ed25519 (1.2.4)
    httparty (0.18.0)
      mime-types (~> 3.0)
      multi_xml (>= 0.5.2)
    json-canonicalization (0.2.0)
    mime-types (3.3.1)
      mime-types-data (~> 3.2015)
    mime-types-data (3.2020.0425)
    multi_xml (0.6.0)

PLATFORMS
  ruby

DEPENDENCIES
  dotenv (~> 2.7)
  ed25519 (~> 1.2)
  httparty (~> 0.18.0)
  json-canonicalization (~> 0.2.0)

BUNDLED WITH
   2.0.2
