GEM
  remote: https://rubygems.org/
  specs:
    dotenv (2.7.5)
    ed25519 (1.2.4)
    json-canonicalization (0.2.0)

PLATFORMS
  ruby

DEPENDENCIES
  dotenv (~> 2.7)
  ed25519 (~> 1.2)
  json-canonicalization (~> 0.2.0)

BUNDLED WITH
   2.0.2
